GEM
  remote: https://rubygems.org/
  specs:
    activesupport (3.2.20)
      i18n (~> 0.6, >= 0.6.4)
      multi_json (~> 1.0)
    addressable (2.3.6)
    atlassian-stash (0.3.2)
      commander (~> 4.1.2)
      git (>= 1.2.5)
      json (>= 1.7.5)
      launchy (~> 2.4.2)
    berkshelf (3.2.0)
      addressable (~> 2.3.4)
      berkshelf-api-client (~> 1.2)
      buff-config (~> 1.0)
      buff-extensions (~> 1.0)
      buff-shell_out (~> 0.1)
      celluloid (~> 0.16.0)
      celluloid-io (~> 0.16.1)
      cleanroom (~> 1.0)
      faraday (~> 0.9.0)
      minitar (~> 0.5.4)
      octokit (~> 3.0)
      retryable (~> 1.3.3)
      ridley (~> 4.0)
      solve (~> 1.1)
      thor (~> 0.19)
    berkshelf-api-client (1.2.0)
      faraday (~> 0.9.0)
    blankslate (2.1.2.4)
    buff-config (1.0.1)
      buff-extensions (~> 1.0)
      varia_model (~> 0.4)
    buff-extensions (1.0.0)
    buff-ignore (1.1.1)
    buff-ruby_engine (0.1.0)
    buff-shell_out (0.2.0)
      buff-ruby_engine (~> 0.1.0)
    capifony (2.8.2)
      capistrano (>= 2.13.5, <= 2.16.0)
      capistrano-maintenance (= 0.0.3)
      colored (>= 1.2.0)
      inifile (>= 2.0.2, < 3.0.0)
      ruby-progressbar (= 1.4.1)
    capistrano (2.15.5)
      highline
      net-scp (>= 1.0.0)
      net-sftp (>= 2.0.0)
      net-ssh (>= 2.0.14)
      net-ssh-gateway (>= 1.1.0)
    capistrano-maintenance (0.0.3)
      capistrano (>= 2.0.0)
    celluloid (0.16.0)
      timers (~> 4.0.0)
    celluloid-io (0.16.1)
      celluloid (>= 0.16.0)
      nio4r (>= 1.0.0)
    chef (11.16.4)
      chef-zero (~> 2.1, >= 2.1.4)
      diff-lcs (~> 1.2, >= 1.2.4)
      erubis (~> 2.7)
      ffi-yajl (~> 1.0)
      highline (~> 1.6, >= 1.6.9)
      mime-types (~> 1.16)
      mixlib-authentication (~> 1.3)
      mixlib-cli (~> 1.4)
      mixlib-config (~> 2.0)
      mixlib-log (~> 1.3)
      mixlib-shellout (~> 1.4)
      net-ssh (~> 2.6)
      net-ssh-multi (~> 1.1)
      ohai (~> 7.4)
      plist (~> 3.1.0)
      pry (~> 0.9)
      rest-client (>= 1.0.4, <= 1.6.7)
    chef-api (0.5.0)
      logify (~> 0.1)
      mime-types
    chef-zero (2.2.1)
      ffi-yajl (~> 1.1)
      hashie (~> 2.0)
      mixlib-log (~> 1.3)
      rack
    chefspec (4.1.1)
      chef (>= 11.14)
      fauxhai (~> 2.0)
      rspec (~> 3.0)
    chunky_png (1.3.3)
    classifier-reborn (2.0.1)
      fast-stemmer (~> 1.0)
    cleanroom (1.0.0)
    coderay (1.1.0)
    coffee-script (2.3.0)
      coffee-script-source
      execjs
    coffee-script-source (1.8.0)
    colorator (0.1)
    colored (1.2)
    commander (4.1.6)
      highline (~> 1.6.11)
    compass (1.0.1)
      chunky_png (~> 1.2)
      compass-core (~> 1.0.1)
      compass-import-once (~> 1.0.5)
      rb-fsevent (>= 0.9.3)
      rb-inotify (>= 0.9)
      sass (>= 3.3.13, < 3.5)
    compass-core (1.0.1)
      multi_json (~> 1.0)
      sass (>= 3.3.0, < 3.5)
    compass-import-once (1.0.5)
      sass (>= 3.2, < 3.5)
    daemons (1.1.9)
    dep (1.1.0)
    dep-selector-libgecode (1.0.2)
    dep_selector (1.0.3)
      dep-selector-libgecode (~> 1.0)
      ffi (~> 1.9)
    diff-lcs (1.2.5)
    erubis (2.7.0)
    eventmachine (1.0.3)
    execjs (2.2.2)
    faraday (0.9.0)
      multipart-post (>= 1.2, < 3)
    fast-stemmer (1.0.2)
    fauxhai (2.2.0)
      net-ssh
      ohai
    ffi (1.9.6)
    ffi-yajl (1.2.0)
      ffi (~> 1.5)
      libyajl2 (~> 1.0)
    foodcritic (4.0.0)
      erubis
      gherkin (~> 2.11)
      nokogiri (~> 1.5)
      rake
      rufus-lru (~> 1.0)
      treetop (~> 1.4)
      yajl-ruby (~> 1.1)
    gherkin (2.12.2)
      multi_json (~> 1.3)
    git (1.2.8)
    haml (4.0.5)
      tilt
    hashie (2.1.2)
    highline (1.6.21)
    hitimes (1.2.2)
    i18n (0.6.11)
    inifile (2.0.2)
    ipaddress (0.8.0)
    jekyll (2.4.0)
      classifier-reborn (~> 2.0)
      colorator (~> 0.1)
      jekyll-coffeescript (~> 1.0)
      jekyll-gist (~> 1.0)
      jekyll-paginate (~> 1.0)
      jekyll-sass-converter (~> 1.0)
      jekyll-watch (~> 1.1)
      kramdown (~> 1.3)
      liquid (~> 2.6.1)
      mercenary (~> 0.3.3)
      pygments.rb (~> 0.6.0)
      redcarpet (~> 3.1)
      safe_yaml (~> 1.0)
      toml (~> 0.1.0)
    jekyll-coffeescript (1.0.1)
      coffee-script (~> 2.2)
    jekyll-gist (1.1.0)
    jekyll-paginate (1.1.0)
    jekyll-sass-converter (1.2.1)
      sass (~> 3.2)
    jekyll-watch (1.1.1)
      listen (~> 2.7)
    json (1.8.1)
    kitchen-vagrant (0.15.0)
      test-kitchen (~> 1.0)
    knife-supermarket (0.2.0)
      chef (>= 0.10.10)
    kramdown (1.5.0)
    launchy (2.4.3)
      addressable (~> 2.3)
    libyajl2 (1.1.0)
    liquid (2.6.1)
    listen (2.7.11)
      celluloid (>= 0.15.2)
      rb-fsevent (>= 0.9.3)
      rb-inotify (>= 0.9)
    logify (0.2.0)
    mail (2.6.3)
      mime-types (>= 1.16, < 3)
    mailcatcher (0.5.12)
      activesupport (~> 3.0)
      eventmachine (~> 1.0.0)
      haml (>= 3.1, < 5)
      mail (~> 2.3)
      sinatra (~> 1.2)
      skinny (~> 0.2.3)
      sqlite3 (~> 1.3)
      thin (~> 1.5.0)
    mercenary (0.3.4)
    method_source (0.8.2)
    mime-types (1.25.1)
    mini_portile (0.6.0)
    minitar (0.5.4)
    mixlib-authentication (1.3.0)
      mixlib-log
    mixlib-cli (1.5.0)
    mixlib-config (2.1.0)
    mixlib-log (1.6.0)
    mixlib-shellout (1.6.0)
    multi_json (1.10.1)
    multipart-post (2.0.0)
    net-http-persistent (2.9.4)
    net-scp (1.2.1)
      net-ssh (>= 2.6.5)
    net-sftp (2.1.2)
      net-ssh (>= 2.6.5)
    net-ssh (2.9.1)
    net-ssh-gateway (1.2.0)
      net-ssh (>= 2.6.5)
    net-ssh-multi (1.2.0)
      net-ssh (>= 2.6.5)
      net-ssh-gateway (>= 1.2.0)
    nio4r (1.0.1)
    nokogiri (1.6.3.1)
      mini_portile (= 0.6.0)
    octokit (3.5.2)
      sawyer (~> 0.5.3)
    ohai (7.4.0)
      ffi (~> 1.9)
      ffi-yajl (~> 1.0)
      ipaddress
      mime-types (~> 1.16)
      mixlib-cli
      mixlib-config (~> 2.0)
      mixlib-log
      mixlib-shellout (~> 1.2)
      systemu (~> 2.6.4)
      wmi-lite (~> 1.0)
    parslet (1.5.0)
      blankslate (~> 2.0)
    plist (3.1.0)
    polyglot (0.3.5)
    posix-spawn (0.3.9)
    pry (0.10.1)
      coderay (~> 1.1.0)
      method_source (~> 0.8.1)
      slop (~> 3.4)
    pygments.rb (0.6.0)
      posix-spawn (~> 0.3.6)
      yajl-ruby (~> 1.1.0)
    rack (1.5.2)
    rack-protection (1.5.3)
      rack
    rake (10.3.2)
    rb-fsevent (0.9.4)
    rb-inotify (0.9.5)
      ffi (>= 0.5.0)
    redcarpet (3.2.0)
    rest-client (1.6.7)
      mime-types (>= 1.16)
    retryable (1.3.6)
    ridley (4.1.0)
      addressable
      buff-config (~> 1.0)
      buff-extensions (~> 1.0)
      buff-ignore (~> 1.1)
      buff-shell_out (~> 0.1)
      celluloid (~> 0.16.0)
      celluloid-io (~> 0.16.1)
      erubis
      faraday (~> 0.9.0)
      hashie (>= 2.0.2, < 3.0.0)
      json (>= 1.7.7)
      mixlib-authentication (>= 1.3.0)
      net-http-persistent (>= 2.8)
      retryable
      semverse (~> 1.1)
      varia_model (~> 0.4)
    rspec (3.1.0)
      rspec-core (~> 3.1.0)
      rspec-expectations (~> 3.1.0)
      rspec-mocks (~> 3.1.0)
    rspec-core (3.1.7)
      rspec-support (~> 3.1.0)
    rspec-expectations (3.1.2)
      diff-lcs (>= 1.2.0, < 2.0)
      rspec-support (~> 3.1.0)
    rspec-its (1.1.0)
      rspec-core (>= 3.0.0)
      rspec-expectations (>= 3.0.0)
    rspec-mocks (3.1.3)
      rspec-support (~> 3.1.0)
    rspec-support (3.1.2)
    ruby-progressbar (1.4.1)
    rufus-lru (1.0.5)
    safe_yaml (1.0.4)
    sass (3.4.5)
    sawyer (0.5.5)
      addressable (~> 2.3.5)
      faraday (~> 0.8, < 0.10)
    semverse (1.2.1)
    serverspec (2.3.1)
      multi_json
      rspec (~> 3.0)
      rspec-its
      specinfra (~> 2.3)
    sinatra (1.4.5)
      rack (~> 1.4)
      rack-protection (~> 1.4)
      tilt (~> 1.3, >= 1.3.4)
    skinny (0.2.3)
      eventmachine (~> 1.0.0)
      thin (~> 1.5.0)
    slop (3.6.0)
    solve (1.2.1)
      dep_selector (~> 1.0)
      semverse (~> 1.1)
    specinfra (2.4.2)
      net-scp
      net-ssh
    sqlite3 (1.3.10)
    stove (3.2.3)
      chef-api (~> 0.5)
      logify (~> 0.2)
    systemu (2.6.4)
    test-kitchen (1.2.1)
      mixlib-shellout (~> 1.2)
      net-scp (~> 1.1)
      net-ssh (~> 2.7)
      safe_yaml (~> 1.0)
      thor (~> 0.18)
    thin (1.5.1)
      daemons (>= 1.0.9)
      eventmachine (>= 0.12.6)
      rack (>= 1.0.0)
    thor (0.19.1)
    tilt (1.4.1)
    timers (4.0.1)
      hitimes
    toml (0.1.2)
      parslet (~> 1.5.0)
    treetop (1.5.3)
      polyglot (~> 0.3)
    vagrant-berkshelf (3.0.1)
      buff-shell_out
    varia_model (0.4.0)
      buff-extensions (~> 1.0)
      hashie (>= 2.0.2, < 3.0.0)
    wmi-lite (1.0.0)
    yajl-ruby (1.1.0)

PLATFORMS
  ruby

DEPENDENCIES
  atlassian-stash
  berkshelf
  bundler
  capifony
  chef
  chef-zero
  chefspec
  compass
  dep
  dep-selector-libgecode
  dep_selector
  eventmachine
  foodcritic
  hitimes
  jekyll
  json
  kitchen-vagrant
  knife-supermarket
  kramdown
  mailcatcher
  nio4r
  nokogiri
  sass (= 3.4.5)
  serverspec
  stove
  test-kitchen
  thin
  vagrant-berkshelf
